PATH
  remote: .
  specs:
    gh_repo_stats (0.0.0)

GEM
  remote: https://rubygems.org/
  specs:
    coderay (1.1.0)
    method_source (0.8.2)
    pry (0.10.1)
      coderay (~> 1.1.0)
      method_source (~> 0.8.1)
      slop (~> 3.4)
    rake (0.9.6)
    rspec (0.9.4)
    slop (3.6.0)
    yajl-ruby (0.8.3)

PLATFORMS
  ruby

DEPENDENCIES
  bundler (~> 1.3)
  gh_repo_stats!
  pry
  rake (~> 0)
  rspec (~> 0)
  yajl-ruby (~> 0)

BUNDLED WITH
   1.13.6
